GIT
  remote: git://github.com/stefanpenner/ruby-git.git
  revision: eca5ca3
  specs:
    ruby-git (0.1.0)

GEM
  remote: http://rubygems.org/
  specs:
    rack (1.2.1)
    sinatra (1.1.2)
      rack (~> 1.1)
      tilt (~> 1.2)
    tilt (1.2.1)

PLATFORMS
  ruby

DEPENDENCIES
  rack
  ruby-git (= 0.1.0)!
  sinatra
