GIT
  remote: git://github.com/stefanpenner/ruby-git.git
  revision: eca5ca3
  specs:
    ruby-git (0.1.0)

GEM
  remote: http://rubygems.org/
  specs:
    haml (2.2.20)
    json (1.4.6)
    rack (1.2.1)
    rack-test (0.5.7)
      rack (>= 1.0)
    racksh (0.9.8)
      rack (>= 1.0)
      rack-test (>= 0.5)
    sinatra (1.1.2)
      rack (~> 1.1)
      tilt (~> 1.2)
    tilt (1.2.1)

PLATFORMS
  ruby

DEPENDENCIES
  haml (= 2.2.20)
  json
  rack
  racksh
  ruby-git (= 0.1.0)!
  sinatra
